GEM
  remote: http://rubygems.org/
  specs:
    actionmailer (2.3.14)
      actionpack (= 2.3.14)
    actionpack (2.3.14)
      activesupport (= 2.3.14)
      rack (~> 1.1.0)
    activerecord (2.3.14)
      activesupport (= 2.3.14)
    activeresource (2.3.14)
      activesupport (= 2.3.14)
    activesupport (2.3.14)
    addressable (2.2.6)
    exceptional (2.0.32)
      rack
    facebooker (1.0.75)
      json_pure (>= 1.0.0)
    fastercsv (1.5.4)
    haml (3.0.0)
    heroku (2.17.0)
      launchy (>= 0.3.2)
      rest-client (~> 1.6.1)
      rubyzip
      term-ansicolor (~> 1.0.5)
    intercession (2.0.0)
    json_pure (1.6.4)
    launchy (2.0.5)
      addressable (~> 2.2.6)
    mime-types (1.17.2)
    newrelic_rpm (3.3.1)
    rack (1.1.2)
    rails (2.3.14)
      actionmailer (= 2.3.14)
      actionpack (= 2.3.14)
      activerecord (= 2.3.14)
      activeresource (= 2.3.14)
      activesupport (= 2.3.14)
      rake (>= 0.8.3)
    rake (0.9.2.2)
    rdiscount (1.6.8)
    rest-client (1.6.7)
      mime-types (>= 1.16)
    rubyzip (0.9.5)
    sqlite3 (1.3.5)
    sqlite3-ruby (1.3.3)
      sqlite3 (>= 1.3.3)
    term-ansicolor (1.0.7)
    will_paginate (2.3.16)

PLATFORMS
  ruby

DEPENDENCIES
  exceptional (~> 2.0)
  facebooker
  fastercsv
  haml (= 3.0)
  heroku
  intercession (~> 2.0)
  newrelic_rpm
  rack (= 1.1.2)
  rails (= 2.3.14)
  rdiscount
  sqlite3-ruby
  will_paginate (~> 2.3)
